GIT
  remote: https://github.com/skyxie/priority_queue
  revision: 23f6062cc424883421fd17c837abad2ffef09603
  specs:
    priority_queue (0.0.3)

PATH
  remote: .
  specs:
    octree (0.0.0)

GEM
  remote: https://rubygems.org/
  specs:
    diff-lcs (1.3)
    rspec (3.7.0)
      rspec-core (~> 3.7.0)
      rspec-expectations (~> 3.7.0)
      rspec-mocks (~> 3.7.0)
    rspec-core (3.7.0)
      rspec-support (~> 3.7.0)
    rspec-expectations (3.7.0)
      diff-lcs (>= 1.2.0, < 2.0)
      rspec-support (~> 3.7.0)
    rspec-mocks (3.7.0)
      diff-lcs (>= 1.2.0, < 2.0)
      rspec-support (~> 3.7.0)
    rspec-support (3.7.0)

PLATFORMS
  ruby

DEPENDENCIES
  octree!
  priority_queue (= 0.0.3)!
  rspec (~> 3.0)

BUNDLED WITH
   1.16.0
